GEM
  remote: https://rubygems.org/
  specs:
    curses (1.0.1)
    prettyprint (0.0.1)
      thor
    thor (0.19.1)

PLATFORMS
  ruby

DEPENDENCIES
  curses
  prettyprint
